GEM
  remote: https://rubygems.org/
  specs:
    colorize (1.1.0)
    json (2.15.0)
    pastel (0.8.0)
      tty-color (~> 0.5)
    ruby_figlet (0.6.1)
    tty-color (0.6.0)
    tty-cursor (0.7.1)
    tty-prompt (0.23.1)
      pastel (~> 0.8)
      tty-reader (~> 0.8)
    tty-reader (0.9.0)
      tty-cursor (~> 0.7)
      tty-screen (~> 0.8)
      wisper (~> 2.0)
    tty-screen (0.8.2)
    wisper (2.0.1)

PLATFORMS
  ruby
  x86_64-linux

DEPENDENCIES
  colorize
  json
  ruby_figlet
  tty-prompt

RUBY VERSION
   ruby 3.4.4p34

BUNDLED WITH
   2.7.2
