GEM
  remote: https://rubygems.org/
  specs:
    curses (1.4.7)
    hawktui (1.0.0)
      curses (~> 1.4.7)
    json (2.15.0)
    tty-cursor (0.7.1)
    tty-reader (0.9.0)
      tty-cursor (~> 0.7)
      tty-screen (~> 0.8)
      wisper (~> 2.0)
    tty-screen (0.8.2)
    wisper (2.0.1)

PLATFORMS
  ruby
  x86_64-linux

DEPENDENCIES
  hawktui
  json
  tty-reader

RUBY VERSION
   ruby 3.4.4p34

BUNDLED WITH
   2.7.2
